GEM
  remote: https://rubygems.org/
  specs:
    amq-protocol (2.1.0)
    bunny (2.6.4)
      amq-protocol (>= 2.0.1)
    curb (0.8.6)
    elasticsearch (5.0.3)
      elasticsearch-api (= 5.0.3)
      elasticsearch-transport (= 5.0.3)
    elasticsearch-api (5.0.3)
      multi_json
    elasticsearch-transport (5.0.3)
      faraday
      multi_json
    faraday (0.11.0)
      multipart-post (>= 1.2, < 3)
    multi_json (1.12.1)
    multipart-post (2.0.0)

PLATFORMS
  ruby

DEPENDENCIES
  bunny
  curb
  elasticsearch

BUNDLED WITH
   1.11.2
